GEM
  remote: https://rubygems.org/
  specs:
    activesupport (5.2.1)
      concurrent-ruby (~> 1.0, >= 1.0.2)
      i18n (>= 0.7, < 2)
      minitest (~> 5.1)
      tzinfo (~> 1.1)
    addressable (2.5.2)
      public_suffix (>= 2.0.2, < 4.0)
    autoparse (0.3.3)
      addressable (>= 2.3.1)
      extlib (>= 0.9.15)
      multi_json (>= 1.0.0)
    concurrent-ruby (1.0.5)
    dotenv (2.5.0)
    extlib (0.9.16)
    faraday (0.15.3)
      multipart-post (>= 1.2, < 3)
    gmail-api-ruby (0.0.11)
      google-api-client
      hashie (>= 3.3.2)
      hooks (>= 0.4.0)
      mail (>= 2.2.1)
      mime (>= 0.1)
      stringex
    google-api-client (0.8.2)
      activesupport (>= 3.2)
      addressable (~> 2.3)
      autoparse (~> 0.3)
      extlib (~> 0.9)
      faraday (~> 0.9)
      launchy (~> 2.4)
      multi_json (~> 1.10)
      retriable (~> 1.4)
      signet (~> 0.6)
    hashie (3.6.0)
    hooks (0.4.1)
      uber (~> 0.0.14)
    i18n (1.1.1)
      concurrent-ruby (~> 1.0)
    jwt (2.1.0)
    launchy (2.4.3)
      addressable (~> 2.3)
    mail (2.7.1)
      mini_mime (>= 0.1.1)
    mime (0.4.4)
    mini_mime (1.0.1)
    minitest (5.11.3)
    multi_json (1.13.1)
    multipart-post (2.0.0)
    public_suffix (3.0.3)
    retriable (1.4.1)
    rmail (1.1.3)
    signet (0.11.0)
      addressable (~> 2.3)
      faraday (~> 0.9)
      jwt (>= 1.5, < 3.0)
      multi_json (~> 1.10)
    stringex (2.8.4)
    thread_safe (0.3.6)
    tzinfo (1.2.5)
      thread_safe (~> 0.1)
    uber (0.0.15)

PLATFORMS
  ruby

DEPENDENCIES
  dotenv
  gmail-api-ruby
  google-api-client (= 0.8.2)
  rmail

RUBY VERSION
   ruby 2.5.1p57

BUNDLED WITH
   1.16.6
